GIT
  remote: https://github.com/dusty/mongo_odm.git
  revision: a16a1da416e1eb37ef3b265d326e62ea5d6c2e50
  specs:
    mongo_odm (0.2.5)
      activemodel (~> 3.0.3)
      activemodel (~> 3.0.3)
      activesupport (~> 3.0.3)
      activesupport (~> 3.0.3)
      bson_ext (~> 1.2.0)
      bson_ext (~> 1.2.0)
      mongo (~> 1.2.0)
      mongo (~> 1.2.0)
      tzinfo (~> 0.3.24)
      tzinfo (~> 0.3.24)

GEM
  remote: http://rubygems.org/
  specs:
    RedCloth (4.2.7)
    aaronh-chronic (0.3.9)
    activemodel (3.0.4)
      activesupport (= 3.0.4)
      builder (~> 2.1.2)
      i18n (~> 0.4)
    activesupport (3.0.4)
    bson (1.2.2)
    bson_ext (1.2.2)
    builder (2.1.2)
    html_truncator (0.2.0)
      nokogiri (~> 1.4)
    i18n (0.5.0)
    mongo (1.2.2)
      bson (>= 1.2.2)
    mustache (0.12.0)
    nokogiri (1.4.4)
    rack (1.2.1)
    rack-flash (0.1.1)
      rack
    sinatra (1.1.2)
      rack (~> 1.1)
      tilt (~> 1.2)
    tilt (1.2.2)
    tzinfo (0.3.24)

PLATFORMS
  ruby

DEPENDENCIES
  RedCloth
  aaronh-chronic (= 0.3.9)
  bson_ext
  html_truncator
  mongo_odm!
  mustache
  rack-flash
  sinatra
