GIT
  remote: https://github.com/CodeMonkeySteve/mongo_odm.git
  revision: 1903df16fd92056b6965eb86ae32144174ad0b0f
  specs:
    mongo_odm (0.2.17)
      activemodel
      activemodel
      activesupport
      activesupport
      bson_ext
      bson_ext
      mongo
      mongo
      tzinfo
      tzinfo

GEM
  remote: http://rubygems.org/
  specs:
    RedCloth (4.2.7)
    aaronh-chronic (0.3.9)
    activemodel (3.0.6)
      activesupport (= 3.0.6)
      builder (~> 2.1.2)
      i18n (~> 0.5.0)
    activesupport (3.0.6)
    bson (1.3.0)
    bson_ext (1.3.0)
    builder (2.1.2)
    html_truncator (0.2.1)
      nokogiri (~> 1.4)
    i18n (0.5.0)
    mongo (1.3.0)
      bson (>= 1.3.0)
    mustache (0.99.3)
    nokogiri (1.4.4)
    rack (1.2.2)
    rack-flash (0.1.1)
      rack
    sinatra (1.2.3)
      rack (~> 1.1)
      tilt (< 2.0, >= 1.2.2)
    tilt (1.2.2)
    tzinfo (0.3.26)

PLATFORMS
  ruby

DEPENDENCIES
  RedCloth
  aaronh-chronic
  bson_ext
  html_truncator
  mongo_odm!
  mustache
  rack-flash
  sinatra
