GEM
  remote: http://rubygems.org/
  specs:
    RedCloth (4.2.7)
    aaronh-chronic (0.3.9)
    activesupport (3.0.4)
    bson (1.2.1)
    bson_ext (1.2.1)
    html_truncator (0.2.0)
      nokogiri (~> 1.4)
    i18n (0.5.0)
    mongo (1.2.1)
      bson (>= 1.2.1)
    mongomatic (0.7.3)
      activesupport (>= 2.3.5)
      bson (~> 1.1)
      mongo (~> 1.1)
    mustache (0.12.0)
    nokogiri (1.4.4)
    rack (1.2.1)
    rack-flash (0.1.1)
      rack
    sinatra (1.1.2)
      rack (~> 1.1)
      tilt (~> 1.2)
    tilt (1.2.2)
    tzinfo (0.3.24)

PLATFORMS
  ruby

DEPENDENCIES
  RedCloth
  aaronh-chronic (= 0.3.9)
  activesupport (> 3.0)
  bson_ext
  html_truncator
  i18n
  mongomatic
  mustache
  rack-flash
  sinatra
  tzinfo
