GEM
  remote: http://rubygems.org/
  specs:
    RedCloth (4.2.3)
    aaronh-chronic (0.3.9)
    activesupport (3.0.1)
    bson (1.1.2)
    bson_ext (1.1.2)
    i18n (0.4.2)
    mongo (1.1.2)
      bson (>= 1.1.1)
    mongomatic (0.7.3)
      activesupport (>= 2.3.5)
      bson (~> 1.1)
      mongo (~> 1.1)
    mustache (0.12.0)
    rack (1.2.1)
    rack-flash (0.1.1)
      rack
    sinatra (1.0)
      rack (>= 1.0)
    tzinfo (0.3.23)

PLATFORMS
  ruby

DEPENDENCIES
  RedCloth
  aaronh-chronic (= 0.3.9)
  activesupport (> 3.0)
  bson_ext
  i18n
  mongomatic
  mustache
  rack-flash
  sinatra
  tzinfo
