GEM
  remote: http://rubygems.org/
  specs:
    RedCloth (4.2.7)
    aaronh-chronic (0.3.9)
    activesupport (3.0.7)
    bson (1.3.1)
    bson_ext (1.3.1)
    html_truncator (0.2.2)
      nokogiri (~> 1.4)
    i18n (0.6.0)
    kgio (2.4.1)
    matic_accessor (0.0.1)
    matic_timestamp (0.0.1)
    mongo (1.3.1)
      bson (>= 1.3.1)
    mongomatic (0.8.2)
      activesupport (>= 3.0.0)
      bson (>= 1.2.4)
      i18n (>= 0.5.0)
      mongo (>= 1.2.4)
    mustache (0.99.4)
    nokogiri (1.4.4)
    rack (1.3.0)
    rack-flash (0.1.1)
      rack
    sinatra (1.2.6)
      rack (~> 1.1)
      tilt (< 2.0, >= 1.2.2)
    tilt (1.3.2)
    tzinfo (0.3.27)
    unicorn (3.6.2)
      kgio (~> 2.3)
      rack

PLATFORMS
  ruby

DEPENDENCIES
  RedCloth
  aaronh-chronic
  bson_ext
  html_truncator
  matic_accessor
  matic_timestamp
  mongomatic
  mustache
  rack-flash
  sinatra
  tzinfo
  unicorn
